PATH
  remote: .
  specs:
    rich_enums (0.1.5)
      activerecord (>= 6.1, < 8.0)

GEM
  remote: https://rubygems.org/
  specs:
    activemodel (6.1.7.7)
      activesupport (= 6.1.7.7)
    activerecord (6.1.7.7)
      activemodel (= 6.1.7.7)
      activesupport (= 6.1.7.7)
    activesupport (6.1.7.7)
      concurrent-ruby (~> 1.0, >= 1.0.2)
      i18n (>= 1.6, < 2)
      minitest (>= 5.1)
      tzinfo (~> 2.0)
      zeitwerk (~> 2.3)
    concurrent-ruby (1.2.3)
    diff-lcs (1.5.0)
    i18n (1.14.4)
      concurrent-ruby (~> 1.0)
    mini_portile2 (2.8.6)
    minitest (5.22.3)
    rake (12.3.3)
    rspec (3.11.0)
      rspec-core (~> 3.11.0)
      rspec-expectations (~> 3.11.0)
      rspec-mocks (~> 3.11.0)
    rspec-core (3.11.0)
      rspec-support (~> 3.11.0)
    rspec-expectations (3.11.0)
      diff-lcs (>= 1.2.0, < 2.0)
      rspec-support (~> 3.11.0)
    rspec-mocks (3.11.0)
      diff-lcs (>= 1.2.0, < 2.0)
      rspec-support (~> 3.11.0)
    rspec-support (3.11.0)
    sqlite3 (1.7.3)
      mini_portile2 (~> 2.8.0)
    temping (4.1.1)
      activerecord (>= 6.0, < 7.2)
      activesupport (>= 6.0, < 7.2)
    tzinfo (2.0.6)
      concurrent-ruby (~> 1.0)
    zeitwerk (2.6.13)

PLATFORMS
  ruby

DEPENDENCIES
  rake (~> 12.0)
  rich_enums!
  rspec (~> 3.0)
  sqlite3 (~> 1.4)
  temping (~> 4.1)

BUNDLED WITH
   2.4.15
